GEM
  remote: http://rubygems.org/
  remote: http://gems.github.com/
  specs:
    addressable (2.3.8)
    certified (1.0.0)
    childprocess (0.5.6)
      ffi (~> 1.0, >= 1.0.11)
    cookiejar (0.3.2)
    em-http-request (1.0.3)
      addressable (>= 2.2.3)
      cookiejar
      em-socksify
      eventmachine (>= 1.0.0.beta.4)
      http_parser.rb (>= 0.5.3)
    em-http-server (0.1.8)
      eventmachine
    em-socksify (0.3.0)
      eventmachine (>= 1.0.0.beta.4)
    eventmachine (1.0.7)
    ffi (1.9.0-x86-mingw32)
    hpricot (0.8.6)
    http_parser.rb (0.6.0)
    json (1.8.2)
    little-plugger (1.1.3)
    logging (1.8.2)
      little-plugger (>= 1.1.3)
      multi_json (>= 1.8.4)
    macaddr (1.7.1)
      systemu (~> 2.6.2)
    mail (2.6.3)
      mime-types (>= 1.16, < 3)
    mime-types (2.4.3)
    mini_magick (3.5.0)
      subexec (~> 0.2.1)
    mini_portile (0.5.3)
    multi_json (1.11.0)
    nokogiri (1.6.0-x86-mingw32)
      mini_portile (~> 0.5.0)
    pony (1.10)
      mail (>= 2.0)
    rautomation (0.17.0)
      ffi (~> 1.9.0)
    regexp-examples (1.1.0)
    ruby-progressbar (1.1.1)
    rubyzip (1.1.7)
    rufus-scheduler (2.0.24)
      tzinfo (>= 0.3.22)
    sahi (1.3.0)
    selenium-webdriver (2.43.0)
      childprocess (~> 0.5)
      multi_json (~> 1.0)
      rubyzip (~> 1.0)
      websocket (~> 1.0)
    structured_warnings (0.2.0)
    subexec (0.2.3)
    systemu (2.6.5)
    thread (0.1.4)
    thread_safe (0.3.5)
    trollop (2.1.2)
    tzinfo (1.2.2)
      thread_safe (~> 0.1)
    uuid (2.3.7)
      macaddr (~> 1.0)
    webrick (1.3.1)
    websocket (1.2.2)
    win32-process (0.7.5)
      ffi (>= 1.0.0)
    win32-taskscheduler (0.3.1)
      ffi
      structured_warnings
    win32screenshot (1.0.10)
      ffi (~> 1.0)
      mini_magick (~> 3.5.0)
      rautomation (~> 0.7)

PLATFORMS
  x86-mingw32

DEPENDENCIES
  certified
  em-http-request (= 1.0.3)
  em-http-server (~> 0.1.8)
  eventmachine (= 1.0.7)
  ffi (= 1.9.0)
  hpricot
  json (~> 1.8)
  logging (~> 1.8.1)
  nokogiri (= 1.6.0)
  pony (= 1.10)
  regexp-examples
  ruby-progressbar (= 1.1.1)
  rufus-scheduler (~> 2.0.17)
  sahi (~> 1.3.0)
  selenium-webdriver (= 2.43.0)
  thread (= 0.1.4)
  trollop (~> 2.0)
  uuid (~> 2.3.7)
  webrick (~> 1.3.1)
  win32-process (~> 0.7.4)
  win32-taskscheduler
  win32screenshot (= 1.0.10)
