GEM
  remote: http://rubygems.org/
  remote: http://gems.github.com/
  specs:
    addressable (2.3.2)
    capistrano (2.9.0)
      highline
      net-scp (>= 1.0.0)
      net-sftp (>= 2.0.0)
      net-ssh (>= 2.0.14)
      net-ssh-gateway (>= 1.1.0)
    certified (0.1.1)
    cookiejar (0.3.0)
    em-ftpd (0.0.1)
      eventmachine (~> 1.0.0.beta1)
    em-http-request (1.0.3)
      addressable (>= 2.2.3)
      cookiejar
      em-socksify
      eventmachine (>= 1.0.0.beta.4)
      http_parser.rb (>= 0.5.3)
    em-socksify (0.2.1)
      eventmachine (>= 1.0.0.beta.4)
    eventmachine (1.0.0-x86-mingw32)
    highline (1.6.15)
    http_parser.rb (0.5.3-x86-mingw32)
    ice_cube (0.10.0)
    json (1.7.5)
    little-plugger (1.1.3)
    logging (1.8.1)
      little-plugger (>= 1.1.3)
      multi_json (>= 1.3.6)
    mime-types (1.21)
    multi_json (1.6.1)
    net-scp (1.0.4)
      net-ssh (>= 1.99.1)
    net-sftp (2.0.5)
      net-ssh (>= 2.0.9)
    net-ssh (2.6.1)
    net-ssh-gateway (1.1.0)
      net-ssh (>= 1.99.1)
    rest-client (1.6.7)
      mime-types (>= 1.16)
    ruby-progressbar (1.0.2)
    rufus-scheduler (2.0.17)
      tzinfo (>= 0.3.23)
    rvm-capistrano (1.2.7)
      capistrano (>= 2.0.0)
    tzinfo (0.3.35)

PLATFORMS
  x86-mingw32

DEPENDENCIES
  bundler
  capistrano
  certified
  em-ftpd
  em-http-request
  eventmachine
  ice_cube
  json
  logging
  rest-client
  ruby-progressbar
  rufus-scheduler
  rvm-capistrano
