GEM
  remote: http://rubygems.org/
  remote: http://gems.github.com/
  specs:
    addressable (2.3.5)
    certified (0.1.1)
    childprocess (0.5.5)
      ffi (~> 1.0, >= 1.0.11)
    cookiejar (0.3.0)
    em-http-request (1.0.3)
      addressable (>= 2.2.3)
      cookiejar
      em-socksify
      eventmachine (>= 1.0.0.beta.4)
      http_parser.rb (>= 0.5.3)
    em-http-server (0.1.8)
      eventmachine
    em-socksify (0.3.0)
      eventmachine (>= 1.0.0.beta.4)
    eventmachine (1.0.3)
    eventmachine (1.0.3-x86-mingw32)
    ffi (1.9.0-x86-mingw32)
    http_parser.rb (0.5.3-x86-mingw32)
    json (1.8.1)
    little-plugger (1.1.3)
    logging (1.8.1)
      little-plugger (>= 1.1.3)
      multi_json (>= 1.3.6)
    macaddr (1.6.1)
      systemu (~> 2.5.0)
    mail (2.5.4)
      mime-types (~> 1.16)
      treetop (~> 1.4.8)
    mime-types (1.23)
    mini_magick (3.5.0)
      subexec (~> 0.2.1)
    mini_portile (0.5.0)
    multi_json (1.6.1)
    nokogiri (1.6.0-x86-mingw32)
      mini_portile (~> 0.5.0)
    polyglot (0.3.3)
    pony (1.10)
      mail (>= 2.0)
    rautomation (0.15.0)
      ffi (= 1.9.0)
    ruby-progressbar (1.1.1)
    rubyzip (1.1.6)
    rufus-scheduler (2.0.17)
      tzinfo (>= 0.3.23)
    selenium-webdriver (2.43.0)
      childprocess (~> 0.5)
      multi_json (~> 1.0)
      rubyzip (~> 1.0)
      websocket (~> 1.0)
    structured_warnings (0.1.4)
    subexec (0.2.3)
    systemu (2.5.2)
    thread (0.1.4)
    treetop (1.4.14)
      polyglot
      polyglot (>= 0.3.1)
    trollop (2.0)
    tzinfo (0.3.35)
    uuid (2.3.7)
      macaddr (~> 1.0)
    webrick (1.3.1)
    websocket (1.1.0)
    win32-process (0.7.4)
      ffi (>= 1.0.0)
    win32-taskscheduler (0.3.0)
      structured_warnings
    win32screenshot (1.0.10)
      ffi (~> 1.0)
      mini_magick (~> 3.5.0)
      rautomation (~> 0.7)

PLATFORMS
  x86-mingw32

DEPENDENCIES
  certified
  em-http-request (= 1.0.3)
  em-http-server (~> 0.1.8)
  eventmachine (~> 1.0.0)
  json (~> 1.8)
  logging (~> 1.8.1)
  nokogiri (= 1.6.0)
  pony (= 1.10)
  ruby-progressbar (= 1.1.1)
  rufus-scheduler (~> 2.0.17)
  selenium-webdriver (= 2.43.0)
  thread (= 0.1.4)
  trollop (~> 2.0)
  uuid (~> 2.3.7)
  webrick (~> 1.3.1)
  win32-process (~> 0.7.4)
  win32-taskscheduler
  win32screenshot (= 1.0.10)
