GEM
  remote: http://rubygems.org/
  remote: http://gems.github.com/
  specs:
    addressable (2.3.5)
    certified (0.1.1)
    cookiejar (0.3.0)
    em-http-request (1.0.3)
      addressable (>= 2.2.3)
      cookiejar
      em-socksify
      eventmachine (>= 1.0.0.beta.4)
      http_parser.rb (>= 0.5.3)
    em-http-server (0.1.8)
      eventmachine
    em-socksify (0.3.0)
      eventmachine (>= 1.0.0.beta.4)
    eventmachine (1.0.3)
    eventmachine (1.0.3-x86-mingw32)
    ffi (1.9.0-x86-mingw32)
    http_parser.rb (0.5.3-x86-mingw32)
    json (1.7.5)
    little-plugger (1.1.3)
    logging (1.8.1)
      little-plugger (>= 1.1.3)
      multi_json (>= 1.3.6)
    macaddr (1.6.1)
      systemu (~> 2.5.0)
    mail (2.5.4)
      mime-types (~> 1.16)
      treetop (~> 1.4.8)
    mime-types (1.23)
    multi_json (1.6.1)
    polyglot (0.3.3)
    pony (1.10)
      mail (>= 2.0)
    rufus-scheduler (2.0.17)
      tzinfo (>= 0.3.23)
    sahi (1.2.1)
    structured_warnings (0.1.4)
    systemu (2.5.2)
    treetop (1.4.14)
      polyglot
      polyglot (>= 0.3.1)
    trollop (2.0)
    tzinfo (0.3.35)
    uuid (2.3.7)
      macaddr (~> 1.0)
    webrick (1.3.1)
    win32-process (0.7.4)
      ffi (>= 1.0.0)
    win32-taskscheduler (0.3.0)
      structured_warnings

PLATFORMS
  x86-mingw32

DEPENDENCIES
  certified
  em-http-request (~> 1.0.0)
  em-http-server (~> 0.1.8)
  eventmachine (~> 1.0.0)
  json (~> 1.7.5)
  logging (~> 1.8.1)
  pony (= 1.10)
  rufus-scheduler (~> 2.0.17)
  sahi (~> 1.2.1)
  trollop (~> 2.0)
  uuid (~> 2.3.7)
  webrick (~> 1.3.1)
  win32-process (~> 0.7.4)
  win32-taskscheduler
